GEM
  remote: https://rubygems.org/
  specs:
    adsf (1.1.1)
      rack (>= 1.0.0)
    builder (3.2.2)
    colored (1.2)
    cri (2.3.0)
      colored (>= 1.2)
    dogapi (1.8.1)
      json (>= 1.5.1)
    json (1.8.0)
    kramdown (1.1.0)
    mime-types (1.24)
    mini_portile (0.5.1)
    nanoc (3.6.4)
      cri (~> 2.3)
    nokogiri (1.6.0)
      mini_portile (~> 0.5.0)
    pygmentize (0.0.3)
    rack (1.5.2)
    rake (10.1.0)
    systemu (2.5.2)
    w3c_validators (1.2)
      json
      nokogiri

PLATFORMS
  ruby

DEPENDENCIES
  adsf
  builder
  dogapi (~> 1.8.1)
  kramdown
  mime-types
  nanoc
  nokogiri
  pygmentize
  rake
  systemu
  w3c_validators
