GEM
  remote: http://rubygems.org/
  specs:
    adsf (1.0.1)
      rack (>= 1.0.0)
    cri (2.1.0)
    kramdown (0.13.4)
    mime-types (1.17.2)
    nanoc (3.2.4)
      nanoc3 (>= 3.2.4)
    nanoc3 (3.2.4)
      cri (~> 2.0)
    nokogiri (1.5.0)
    pygmentize (0.0.3)
    rack (1.4.0)
    systemu (2.4.2)

PLATFORMS
  ruby

DEPENDENCIES
  adsf
  kramdown
  mime-types
  nanoc
  nokogiri
  pygmentize
  systemu
